PATH
  remote: .
  specs:
    ckb (0.1.0)
      celluloid (~> 0.17)
      digest-sha3 (~> 1.1)
      google-protobuf (~> 3.5)

GEM
  remote: https://rubygems.org/
  specs:
    ast (2.4.0)
    celluloid (0.17.3)
      celluloid-essentials
      celluloid-extras
      celluloid-fsm
      celluloid-pool
      celluloid-supervision
      timers (>= 4.1.1)
    celluloid-essentials (0.20.5)
      timers (>= 4.1.1)
    celluloid-extras (0.20.5)
      timers (>= 4.1.1)
    celluloid-fsm (0.20.5)
      timers (>= 4.1.1)
    celluloid-pool (0.20.5)
      timers (>= 4.1.1)
    celluloid-supervision (0.20.6)
      timers (>= 4.1.1)
    coderay (1.1.2)
    digest-sha3 (1.1.0)
    eventmachine (1.2.7)
    google-protobuf (3.5.1.2)
    hitimes (1.2.6)
    htmlentities (4.3.4)
    jaro_winkler (1.5.1)
    kramdown (1.17.0)
    mini_portile2 (2.3.0)
    minitest (5.11.3)
    nokogiri (1.8.2)
      mini_portile2 (~> 2.3.0)
    parallel (1.12.1)
    parser (2.5.1.0)
      ast (~> 2.4.0)
    powerpack (0.1.2)
    rainbow (3.0.0)
    rake (10.5.0)
    reverse_markdown (1.1.0)
      nokogiri
    rubocop (0.57.2)
      jaro_winkler (~> 1.5.1)
      parallel (~> 1.10)
      parser (>= 2.5)
      powerpack (~> 0.1)
      rainbow (>= 2.2.2, < 4.0)
      ruby-progressbar (~> 1.7)
      unicode-display_width (~> 1.0, >= 1.0.1)
    ruby-progressbar (1.9.0)
    solargraph (0.22.0)
      coderay (~> 1.1)
      eventmachine (~> 1.2, >= 1.2.5)
      htmlentities (~> 4.3, >= 4.3.4)
      kramdown (~> 1.16)
      parser (~> 2.4)
      reverse_markdown (~> 1.0, >= 1.0.5)
      rubocop (~> 0.52)
      thor (~> 0.19, >= 0.19.4)
      tilt (~> 2.0)
      yard (~> 0.9)
    thor (0.20.0)
    tilt (2.0.8)
    timers (4.1.2)
      hitimes
    unicode-display_width (1.4.0)
    yard (0.9.14)

PLATFORMS
  ruby

DEPENDENCIES
  bundler (~> 1.16)
  ckb!
  minitest (~> 5.0)
  rake (~> 10.0)
  solargraph (~> 0.22)

BUNDLED WITH
   1.16.2
