PATH
  remote: .
  specs:
    ckb (0.1.0)
      celluloid (~> 0.17)
      google-protobuf (~> 3.5)

GEM
  remote: https://rubygems.org/
  specs:
    celluloid (0.17.3)
      celluloid-essentials
      celluloid-extras
      celluloid-fsm
      celluloid-pool
      celluloid-supervision
      timers (>= 4.1.1)
    celluloid-essentials (0.20.5)
      timers (>= 4.1.1)
    celluloid-extras (0.20.5)
      timers (>= 4.1.1)
    celluloid-fsm (0.20.5)
      timers (>= 4.1.1)
    celluloid-pool (0.20.5)
      timers (>= 4.1.1)
    celluloid-supervision (0.20.6)
      timers (>= 4.1.1)
    google-protobuf (3.5.1.2)
    hitimes (1.2.6)
    minitest (5.11.3)
    rake (10.5.0)
    timers (4.1.2)
      hitimes

PLATFORMS
  ruby

DEPENDENCIES
  bundler (~> 1.16)
  ckb!
  minitest (~> 5.0)
  rake (~> 10.0)

BUNDLED WITH
   1.16.2
