PATH
  remote: .
  specs:
    ckb (0.1.0)
      google-protobuf (~> 3.5)
      sidekiq (~> 5.1)

GEM
  remote: https://rubygems.org/
  specs:
    concurrent-ruby (1.0.5)
    connection_pool (2.2.2)
    google-protobuf (3.5.1.2)
    minitest (5.11.3)
    rack (2.0.5)
    rack-protection (2.0.3)
      rack
    rake (10.5.0)
    redis (4.0.1)
    sidekiq (5.1.3)
      concurrent-ruby (~> 1.0)
      connection_pool (~> 2.2, >= 2.2.0)
      rack-protection (>= 1.5.0)
      redis (>= 3.3.5, < 5)

PLATFORMS
  ruby

DEPENDENCIES
  bundler (~> 1.16)
  ckb!
  minitest (~> 5.0)
  rake (~> 10.0)

BUNDLED WITH
   1.16.2
